PATH
  remote: .
  specs:
    wavefront-sdk (0.0.0)
      rest-client (>= 1.6.7, < 1.8)

GEM
  remote: https://rubygems.org/
  specs:
    ast (2.3.0)
    mime-types (2.99.3)
    netrc (0.11.0)
    parser (2.4.0.0)
      ast (~> 2.2)
    powerpack (0.1.1)
    rainbow (2.2.1)
    rake (12.0.0)
    rest-client (1.7.3)
      mime-types (>= 1.16, < 3.0)
      netrc (~> 0.7)
    rubocop (0.47.1)
      parser (>= 2.3.3.1, < 3.0)
      powerpack (~> 0.1)
      rainbow (>= 1.99.1, < 3.0)
      ruby-progressbar (~> 1.7)
      unicode-display_width (~> 1.0, >= 1.0.1)
    ruby-progressbar (1.8.1)
    unicode-display_width (1.1.3)
    yard (0.9.5)

PLATFORMS
  ruby

DEPENDENCIES
  bundler (~> 1.3)
  rake (~> 12.0)
  rubocop (~> 0.47.0)
  wavefront-sdk!
  yard (~> 0.9.5)

BUNDLED WITH
   1.14.3
